{
	"Modality": "MR",
	"MagneticFieldStrength": 3,
	"ImagingFrequency": 127.738295,
	"Manufacturer": "Philips",
	"ManufacturersModelName": "Achieva dStream",
	"InstitutionName": "OSUMC Wright Center 3T 3-2955",
	"DeviceSerialNumber": "4p1T_77ub1lo",
	"PatientPosition": "HFS",
	"SoftwareVersions": "5.1.7\\5.1.7.2",
	"MRAcquisitionType": "3D",
	"StudyDescription": "MRI BRAIN ADNI",
	"SeriesDescription": "MPRAGE",
	"ProtocolName": "MPRAGE SENSE",
	"ScanningSequence": "GR",
	"SequenceVariant": "MP",
	"ScanOptions": "OTHER",
	"ImageType": ["ORIGINAL", "PRIMARY", "M", "FFE", "M", "FFE", "MAGNITUDE"],
	"SeriesNumber": 301,
	"AcquisitionTime": "08:34:37.440000",
	"AcquisitionNumber": 3,
	"PhilipsRescaleSlope": 4.92625,
	"PhilipsRescaleIntercept": 0,
	"PhilipsScaleSlope": 0.00751804,
	"UsePhilipsFloatNotDisplayScaling": 1,
	"SliceThickness": 1.2,
	"SpacingBetweenSlices": 1.2,
	"SAR": 0.022186,
	"TablePosition": [
		0,
		0,
		0.1	],
	"EchoTime": 0.003146,
	"RepetitionTime": 0.0067572,
	"MTState": false,
	"SpoilingState": true,
	"SpoilingType": "COMBINED",
	"FlipAngle": 9,
	"CoilString": "MULTI COIL",
	"PercentPhaseFOV": 93.75,
	"PercentSampling": 100,
	"EchoTrainLength": 240,
	"PhaseEncodingSteps": 256,
	"FrequencyEncodingSteps": 256,
	"PhaseEncodingStepsOutOfPlane": 170,
	"AcquisitionMatrixPE": 256,
	"ReconMatrixPE": 256,
	"ParallelAcquisitionTechnique": "SENSE",
	"WaterFatShift": 1.80117,
	"EstimatedEffectiveEchoSpacing": 1.61961e-05,
	"EstimatedTotalReadoutTime": 0.00412999,
	"AcquisitionDuration": 546.719,
	"PixelBandwidth": 241,
	"ImageOrientationPatientDICOM": [
		0,
		1,
		0,
		0,
		0,
		-1	],
	"InPlanePhaseEncodingDirectionDICOM": "ROW",
	"BidsGuess": ["anat","_acq-MPGR_run-301_T1w"],
	"ConversionSoftware": "dcm2niix",
	"ConversionSoftwareVersion": "v1.0.20241211"
}
