{
	"Modality": "MR",
	"MagneticFieldStrength": 3,
	"ImagingFrequency": 127.792618,
	"Manufacturer": "Philips",
	"ManufacturersModelName": "Achieva",
	"InstitutionName": "SMC ROGERS",
	"DeviceSerialNumber": "47DfN155K8Z_",
	"BodyPart": "BRAIN",
	"PatientPosition": "HFS",
	"SoftwareVersions": "2.6.3\\2.6.3.4",
	"MRAcquisitionType": "3D",
	"StudyDescription": "3714 ADNI-2 3T BRAIN WO",
	"SeriesDescription": "MPRAGE",
	"ProtocolName": "WIP MPRAGE SENSE",
	"ScanningSequence": "GR",
	"SequenceVariant": "MP",
	"ScanOptions": "OTHER",
	"ImageType": ["ORIGINAL", "PRIMARY", "M", "FFE", "M", "FFE", "MAGNITUDE"],
	"SeriesNumber": 301,
	"AcquisitionTime": "13:18:48.540000",
	"AcquisitionNumber": 3,
	"PhilipsRescaleSlope": 4.0083,
	"PhilipsRescaleIntercept": 0,
	"PhilipsScaleSlope": 0.00049462,
	"UsePhilipsFloatNotDisplayScaling": 1,
	"SliceThickness": 1.2,
	"SpacingBetweenSlices": 1.2,
	"SAR": 0.31527,
	"EchoTime": 0.003136,
	"RepetitionTime": 0.0067744,
	"MTState": false,
	"SpoilingState": true,
	"SpoilingType": "COMBINED",
	"FlipAngle": 9,
	"CoilString": "SENSE-Head-8",
	"PercentPhaseFOV": 93.75,
	"PercentSampling": 100,
	"EchoTrainLength": 240,
	"PhaseEncodingSteps": 256,
	"FrequencyEncodingSteps": 256,
	"PhaseEncodingStepsOutOfPlane": 170,
	"AcquisitionMatrixPE": 256,
	"ReconMatrixPE": 256,
	"ParallelAcquisitionTechnique": "SENSE",
	"WaterFatShift": 1.80194,
	"EstimatedEffectiveEchoSpacing": 1.61961e-05,
	"EstimatedTotalReadoutTime": 0.00412999,
	"AcquisitionDuration": 546.721,
	"PixelBandwidth": 241,
	"ImageOrientationPatientDICOM": [
		0,
		1,
		0,
		0,
		0,
		-1	],
	"InPlanePhaseEncodingDirectionDICOM": "ROW",
	"BidsGuess": ["anat","_acq-MPGR_run-301_T1w"],
	"ConversionSoftware": "dcm2niix",
	"ConversionSoftwareVersion": "v1.0.20241211"
}
