{
	"Modality": "MR",
	"MagneticFieldStrength": 3,
	"ImagingFrequency": 127.762372,
	"Manufacturer": "Philips",
	"ManufacturersModelName": "Ingenia",
	"InstitutionName": "UNIVERSITY of MICHIGAN",
	"DeviceSerialNumber": "4aC3tMfS4sKU",
	"BodyPart": "BRAIN",
	"PatientPosition": "HFS",
	"SoftwareVersions": "4.1.1\\4.1.1.0",
	"MRAcquisitionType": "3D",
	"StudyDescription": "RESEARCH MRI BRAIN",
	"SeriesDescription": "MPRAGE",
	"ProtocolName": "WIP MPRAGE SENSE",
	"ScanningSequence": "GR",
	"SequenceVariant": "MP",
	"ImageType": ["ORIGINAL", "PRIMARY", "T1", "NONE", "MAGNITUDE"],
	"SeriesNumber": 301,
	"AcquisitionNumber": 3,
	"PhilipsRescaleSlope": 5.41783,
	"PhilipsRescaleIntercept": 0,
	"PhilipsScaleSlope": 0.00431614,
	"UsePhilipsFloatNotDisplayScaling": 1,
	"SliceThickness": 1.2,
	"SpacingBetweenSlices": 1.2,
	"TablePosition": [
		0,
		0,
		0.8	],
	"EchoTime": 0.003153,
	"RepetitionTime": 0.0068011,
	"MTState": false,
	"SpoilingState": true,
	"SpoilingType": "COMBINED",
	"FlipAngle": 9,
	"CoilString": "MULTI COIL",
	"PercentPhaseFOV": 93.75,
	"PercentSampling": 100,
	"EchoTrainLength": 240,
	"PhaseEncodingSteps": 256,
	"FrequencyEncodingSteps": 256,
	"PhaseEncodingStepsOutOfPlane": 170,
	"AcquisitionMatrixPE": 256,
	"ReconMatrixPE": 256,
	"ParallelAcquisitionTechnique": "SENSE",
	"WaterFatShift": 1.80151,
	"EstimatedEffectiveEchoSpacing": 1.61961e-05,
	"EstimatedTotalReadoutTime": 0.00413,
	"AcquisitionDuration": 546.725,
	"PixelBandwidth": 241.127,
	"ImageOrientationPatientDICOM": [
		0.0492358,
		0.998787,
		-1.83531e-11,
		0.0589836,
		-0.00290763,
		-0.998255	],
	"InPlanePhaseEncodingDirectionDICOM": "ROW",
	"BidsGuess": ["anat","_acq-MPGR_run-301_T1w"],
	"ConversionSoftware": "dcm2niix",
	"ConversionSoftwareVersion": "v1.0.20241211"
}
