{
	"Modality": "MR",
	"MagneticFieldStrength": 3,
	"ImagingFrequency": 123.255525,
	"Manufacturer": "Siemens",
	"ManufacturersModelName": "Skyra",
	"InstitutionName": "North Carolina Baptist//B905F3// Hospital",
	"DeviceSerialNumber": "4dEer0bF0QB6",
	"BodyPart": "HEAD",
	"PatientPosition": "HFS",
	"SoftwareVersions": "syngo MR D11",
	"MRAcquisitionType": "3D",
	"StudyDescription": "HEAD^RESEARCH",
	"SeriesDescription": "MPRAGE",
	"ProtocolName": "MPRAGE",
	"ScanningSequence": "GR\\IR",
	"SequenceVariant": "SK\\SP\\MP",
	"ScanOptions": "IR",
	"SequenceName": "*tfl3d1_16ns",
	"ImageType": ["ORIGINAL", "PRIMARY", "M", "NORM", "DIS2D", "MAGNITUDE"],
	"NonlinearGradientCorrection": true,
	"SeriesNumber": 2,
	"AcquisitionTime": "07:07:56.602500",
	"AcquisitionNumber": 1,
	"SliceThickness": 1.2,
	"SAR": 0.0890397,
	"TablePosition": [
		0,
		0,
		-1	],
	"EchoTime": 0.00298,
	"RepetitionTime": 2.3,
	"SpoilingState": true,
	"InversionTime": 0.9,
	"FlipAngle": 9,
	"PartialFourier": 1,
	"BaseResolution": 256,
	"ShimSetting": [
		-981,
		-5920,
		-15599,
		146,
		48,
		-206,
		-98,
		-16	],
	"TxRefAmp": 330.937,
	"PhaseResolution": 1,
	"ReceiveCoilName": "HeadNeck_20",
	"ReceiveCoilActiveElements": "HE1-4",
	"PulseSequenceDetails": "%SiemensSeq%\\tfl",
	"CoilCombinationMethod": "Adaptive Combine",
	"ConsistencyInfo": "N4_VD11D_LATEST_20110129",
	"MatrixCoilMode": "SENSE",
	"PercentPhaseFOV": 93.75,
	"PercentSampling": 100,
	"PhaseEncodingSteps": 240,
	"AcquisitionMatrixPE": 240,
	"ReconMatrixPE": 240,
	"PixelBandwidth": 240,
	"DwellTime": 8.2e-06,
	"ImageOrientationPatientDICOM": [
		0,
		1,
		0,
		0,
		0,
		-1	],
	"InPlanePhaseEncodingDirectionDICOM": "ROW",
	"BidsGuess": ["anat","_acq-tfl3_run-2_T1w"],
	"ConversionSoftware": "dcm2niix",
	"ConversionSoftwareVersion": "v1.0.20241211"
}
