{
	"Modality": "MR",
	"MagneticFieldStrength": 3,
	"ImagingFrequency": 127.792565,
	"Manufacturer": "Philips",
	"ManufacturersModelName": "Achieva",
	"InstitutionName": "BU SCHOOL OF MEDICINE",
	"DeviceSerialNumber": "4rC.DKoc6dNY",
	"BodyPart": "BRAIN",
	"PatientPosition": "HFS",
	"SoftwareVersions": "3.2.1\\3.2.1.1",
	"MRAcquisitionType": "3D",
	"StudyDescription": "adni SCAN",
	"SeriesDescription": "MPRAGE",
	"ProtocolName": "WIP MPRAGE SENSE",
	"ScanningSequence": "GR",
	"SequenceVariant": "MP",
	"ScanOptions": "OTHER",
	"ImageType": ["ORIGINAL", "PRIMARY", "M", "FFE", "M", "FFE", "MAGNITUDE"],
	"SeriesNumber": 301,
	"AcquisitionTime": "13:19:8.250000",
	"AcquisitionNumber": 3,
	"PhilipsRWVSlope": 2.87424,
	"PhilipsRWVIntercept": 0,
	"PhilipsRescaleSlope": 2.87424,
	"PhilipsRescaleIntercept": 0,
	"PhilipsScaleSlope": 0.000362088,
	"UsePhilipsFloatNotDisplayScaling": 1,
	"SliceThickness": 1.2,
	"SpacingBetweenSlices": 1.2,
	"SAR": 0.0214957,
	"TablePosition": [
		0,
		0,
		-1.7e+38	],
	"EchoTime": 0.003131,
	"RepetitionTime": 0.0067927,
	"MTState": false,
	"SpoilingState": true,
	"SpoilingType": "COMBINED",
	"FlipAngle": 9,
	"CoilString": "SENSE-Head-8",
	"PercentPhaseFOV": 93.75,
	"PercentSampling": 100,
	"EchoTrainLength": 240,
	"PhaseEncodingSteps": 256,
	"FrequencyEncodingSteps": 256,
	"PhaseEncodingStepsOutOfPlane": 170,
	"AcquisitionMatrixPE": 256,
	"ReconMatrixPE": 256,
	"ParallelAcquisitionTechnique": "SENSE",
	"WaterFatShift": 1.80194,
	"EstimatedEffectiveEchoSpacing": 1.61961e-05,
	"EstimatedTotalReadoutTime": 0.00412999,
	"AcquisitionDuration": 546.724,
	"PixelBandwidth": 241,
	"ImageOrientationPatientDICOM": [
		-0.045647,
		0.998957,
		-0.000816978,
		0.0178949,
		5.42555e-25,
		-0.99984	],
	"InPlanePhaseEncodingDirectionDICOM": "ROW",
	"BidsGuess": ["anat","_acq-MPGR_run-301_T1w"],
	"ConversionSoftware": "dcm2niix",
	"ConversionSoftwareVersion": "v1.0.20241211"
}
