{
	"Modality": "MR",
	"MagneticFieldStrength": 3,
	"ImagingFrequency": 127.743415,
	"Manufacturer": "Philips",
	"ManufacturersModelName": "Ingenia",
	"InstitutionName": "KELLER CENTER 3T",
	"DeviceSerialNumber": "46etQG98qJA2",
	"BodyPart": "BRAIN",
	"PatientPosition": "HFS",
	"SoftwareVersions": "4.1.2\\4.1.2.0",
	"MRAcquisitionType": "3D",
	"StudyDescription": "ADNI 2-month 6 scan",
	"SeriesDescription": "MPRAGE",
	"ProtocolName": "WIP MPRAGE CLEAR",
	"ScanningSequence": "GR",
	"SequenceVariant": "MP",
	"ImageType": ["ORIGINAL", "PRIMARY", "T1", "NONE", "MAGNITUDE"],
	"SeriesNumber": 301,
	"AcquisitionNumber": 3,
	"PhilipsRescaleSlope": 5.04249,
	"PhilipsRescaleIntercept": 0,
	"PhilipsScaleSlope": 0.00434254,
	"UsePhilipsFloatNotDisplayScaling": 1,
	"SliceThickness": 1.2,
	"SpacingBetweenSlices": 1.2,
	"TablePosition": [
		0,
		0,
		0.3	],
	"EchoTime": 0.003157,
	"RepetitionTime": 0.0067801,
	"MTState": false,
	"SpoilingState": true,
	"SpoilingType": "COMBINED",
	"FlipAngle": 9,
	"CoilString": "MULTI COIL",
	"PercentPhaseFOV": 93.75,
	"PercentSampling": 99.5833,
	"EchoTrainLength": 239,
	"PhaseEncodingSteps": 255,
	"FrequencyEncodingSteps": 256,
	"PhaseEncodingStepsOutOfPlane": 170,
	"AcquisitionMatrixPE": 255,
	"ReconMatrixPE": 256,
	"WaterFatShift": 1.80124,
	"EstimatedEffectiveEchoSpacing": 1.61958e-05,
	"EstimatedTotalReadoutTime": 0.00412992,
	"AcquisitionDuration": 546.719,
	"PixelBandwidth": 241.127,
	"ImageOrientationPatientDICOM": [
		0,
		1,
		0,
		0,
		0,
		-1	],
	"InPlanePhaseEncodingDirectionDICOM": "ROW",
	"BidsGuess": ["anat","_acq-MPGR_run-301_T1w"],
	"ConversionSoftware": "dcm2niix",
	"ConversionSoftwareVersion": "v1.0.20241211"
}
