{
	"Modality": "MR",
	"MagneticFieldStrength": 3,
	"ImagingFrequency": 127.752768,
	"Manufacturer": "Philips",
	"ManufacturersModelName": "Ingenia",
	"InstitutionName": "KELLER CENTER 3T",
	"DeviceSerialNumber": "46etQG98qJA2",
	"BodyPart": "BRAIN",
	"PatientPosition": "HFS",
	"SoftwareVersions": "4.1.2\\4.1.2.1",
	"MRAcquisitionType": "3D",
	"StudyDescription": "ADNI 2-Annual Scan",
	"SeriesDescription": "MPRAGE",
	"ProtocolName": "WIP MPRAGE CLEAR",
	"ScanningSequence": "GR",
	"SequenceVariant": "MP",
	"ScanOptions": "OTHER",
	"ImageType": ["ORIGINAL", "PRIMARY", "M", "FFE", "M", "FFE", "MAGNITUDE"],
	"SeriesNumber": 701,
	"AcquisitionTime": "14:47:0.870000",
	"AcquisitionNumber": 7,
	"PhilipsRWVSlope": 4.92674,
	"PhilipsRWVIntercept": 0,
	"PhilipsRescaleSlope": 4.92674,
	"PhilipsRescaleIntercept": 0,
	"PhilipsScaleSlope": 0.00376619,
	"UsePhilipsFloatNotDisplayScaling": 1,
	"SliceThickness": 1.2,
	"SpacingBetweenSlices": 1.2,
	"SAR": 0.0364423,
	"TablePosition": [
		0,
		0,
		0.2	],
	"EchoTime": 0.003157,
	"RepetitionTime": 0.0067799,
	"MTState": false,
	"SpoilingState": true,
	"SpoilingType": "COMBINED",
	"FlipAngle": 9,
	"CoilString": "MULTI COIL",
	"PercentPhaseFOV": 93.75,
	"PercentSampling": 99.5833,
	"EchoTrainLength": 239,
	"PhaseEncodingSteps": 255,
	"FrequencyEncodingSteps": 256,
	"PhaseEncodingStepsOutOfPlane": 170,
	"AcquisitionMatrixPE": 255,
	"ReconMatrixPE": 256,
	"WaterFatShift": 1.80138,
	"EstimatedEffectiveEchoSpacing": 1.61958e-05,
	"EstimatedTotalReadoutTime": 0.00412992,
	"AcquisitionDuration": 546.719,
	"PixelBandwidth": 241,
	"ImageOrientationPatientDICOM": [
		0,
		1,
		0,
		0,
		0,
		-1	],
	"InPlanePhaseEncodingDirectionDICOM": "ROW",
	"BidsGuess": ["anat","_acq-MPGR_run-701_T1w"],
	"ConversionSoftware": "dcm2niix",
	"ConversionSoftwareVersion": "v1.0.20241211"
}
