{
	"Modality": "MR",
	"MagneticFieldStrength": 3,
	"ImagingFrequency": 123.247334,
	"Manufacturer": "Siemens",
	"ManufacturersModelName": "TrioTim",
	"InstitutionName": "Georgetown University Medical Center",
	"DeviceSerialNumber": "4y58hAfkkEsg",
	"BodyPart": "HEAD",
	"PatientPosition": "HFS",
	"SoftwareVersions": "syngo MR B17",
	"MRAcquisitionType": "3D",
	"StudyDescription": "PI's^Turner",
	"SeriesDescription": "MPRAGE",
	"ProtocolName": "MPRAGE",
	"ScanningSequence": "GR\\IR",
	"SequenceVariant": "SP\\MP",
	"ScanOptions": "IR",
	"SequenceName": "*tfl3d1_ns",
	"ImageType": ["ORIGINAL", "PRIMARY", "M", "ND", "NORM", "MAGNITUDE"],
	"NonlinearGradientCorrection": false,
	"SeriesNumber": 5,
	"AcquisitionTime": "13:17:54.010000",
	"AcquisitionNumber": 1,
	"SliceThickness": 1.2,
	"SAR": 0.100272,
	"TablePosition": [
		0,
		0,
		-0	],
	"EchoTime": 0.00298,
	"RepetitionTime": 2.3,
	"InversionTime": 0.9,
	"FlipAngle": 9,
	"PartialFourier": 1,
	"BaseResolution": 256,
	"ShimSetting": [
		7468,
		-20829,
		-8486,
		519,
		27,
		-25,
		83,
		38	],
	"TxRefAmp": 370.582,
	"PhaseResolution": 1,
	"ReceiveCoilName": "HeadMatrix",
	"PulseSequenceDetails": "%SiemensSeq%\\tfl",
	"CoilCombinationMethod": "Adaptive Combine",
	"ConsistencyInfo": "N4_VB17A_LATEST_20090307",
	"MatrixCoilMode": "SENSE",
	"PercentPhaseFOV": 93.75,
	"PercentSampling": 100,
	"PhaseEncodingSteps": 240,
	"AcquisitionMatrixPE": 240,
	"ReconMatrixPE": 240,
	"PixelBandwidth": 238,
	"DwellTime": 8.2e-06,
	"ImageOrientationPatientDICOM": [
		0,
		1,
		0,
		0,
		0,
		-1	],
	"InPlanePhaseEncodingDirectionDICOM": "ROW",
	"BidsGuess": ["anat","_acq-tfl3_run-5_T1w"],
	"ConversionSoftware": "dcm2niix",
	"ConversionSoftwareVersion": "v1.0.20241211"
}
