{
	"Modality": "MR",
	"MagneticFieldStrength": 3,
	"ImagingFrequency": 127.759438,
	"Manufacturer": "Philips",
	"ManufacturersModelName": "Ingenia",
	"InstitutionName": "Albany Medical Center Hospital",
	"DeviceSerialNumber": "4Jvmo_bhkMLo",
	"BodyPart": "BRAIN",
	"PatientPosition": "HFS",
	"SoftwareVersions": "4.1.3\\4.1.3.0",
	"MRAcquisitionType": "3D",
	"StudyDescription": "MRI BRAIN W & W/O CON",
	"SeriesDescription": "MPRAGE",
	"ProtocolName": "MPRAGE SENSE",
	"ScanningSequence": "GR",
	"SequenceVariant": "MP",
	"ScanOptions": "OTHER",
	"ImageType": ["ORIGINAL", "PRIMARY", "M", "FFE", "M", "FFE", "MAGNITUDE"],
	"SeriesNumber": 301,
	"AcquisitionTime": "12:08:32.670000",
	"AcquisitionNumber": 3,
	"PhilipsRWVSlope": 5.31893,
	"PhilipsRWVIntercept": 0,
	"PhilipsRescaleSlope": 5.31893,
	"PhilipsRescaleIntercept": 0,
	"PhilipsScaleSlope": 0.00421564,
	"UsePhilipsFloatNotDisplayScaling": 1,
	"SliceThickness": 1.2,
	"SpacingBetweenSlices": 1.2,
	"SAR": 0.0365428,
	"TablePosition": [
		0,
		0,
		0.2	],
	"EchoTime": 0.003115,
	"RepetitionTime": 0.0066733,
	"MTState": false,
	"SpoilingState": true,
	"SpoilingType": "COMBINED",
	"FlipAngle": 9,
	"CoilString": "MULTI COIL",
	"PercentPhaseFOV": 93.75,
	"PercentSampling": 100,
	"EchoTrainLength": 240,
	"PhaseEncodingSteps": 256,
	"FrequencyEncodingSteps": 256,
	"PhaseEncodingStepsOutOfPlane": 170,
	"AcquisitionMatrixPE": 256,
	"ReconMatrixPE": 256,
	"ParallelAcquisitionTechnique": "SENSE",
	"WaterFatShift": 1.80147,
	"EstimatedEffectiveEchoSpacing": 1.6196e-05,
	"EstimatedTotalReadoutTime": 0.00412999,
	"AcquisitionDuration": 546.709,
	"PixelBandwidth": 241,
	"ImageOrientationPatientDICOM": [
		0.041636,
		0.990255,
		-0.132898,
		0.031127,
		-0.134234,
		-0.990461	],
	"InPlanePhaseEncodingDirectionDICOM": "ROW",
	"BidsGuess": ["anat","_acq-MPGR_run-301_T1w"],
	"ConversionSoftware": "dcm2niix",
	"ConversionSoftwareVersion": "v1.0.20241211"
}
