{
	"Modality": "MR",
	"MagneticFieldStrength": 3,
	"ImagingFrequency": 127.779096,
	"Manufacturer": "Philips",
	"ManufacturersModelName": "Intera",
	"InstitutionName": "OHSU MRI3",
	"DeviceSerialNumber": "4sEr9bzYud6E",
	"BodyPart": "BRAIN",
	"PatientPosition": "HFS",
	"SoftwareVersions": "3.2.1\\3.2.1.1",
	"MRAcquisitionType": "3D",
	"StudyDescription": "MRI BRAIN W/O CONTRAST",
	"SeriesDescription": "MPRAGE",
	"ProtocolName": "MPRAGE SENSE",
	"ScanningSequence": "GR",
	"SequenceVariant": "MP",
	"ScanOptions": "OTHER",
	"ImageType": ["ORIGINAL", "PRIMARY", "M", "FFE", "M", "FFE", "MAGNITUDE"],
	"SeriesNumber": 301,
	"AcquisitionTime": "16:52:41.530000",
	"AcquisitionNumber": 3,
	"PhilipsRescaleSlope": 4.18681,
	"PhilipsRescaleIntercept": 0,
	"PhilipsScaleSlope": 0.00033923,
	"UsePhilipsFloatNotDisplayScaling": 1,
	"SliceThickness": 1.2,
	"SpacingBetweenSlices": 1.2,
	"SAR": 0.0214957,
	"TablePosition": [
		0,
		0,
		-1.7e+38	],
	"EchoTime": 0.00316,
	"RepetitionTime": 0.0068054,
	"MTState": false,
	"SpoilingState": true,
	"SpoilingType": "COMBINED",
	"FlipAngle": 9,
	"CoilString": "SENSE-Head-8",
	"PercentPhaseFOV": 93.75,
	"PercentSampling": 100,
	"EchoTrainLength": 240,
	"PhaseEncodingSteps": 256,
	"FrequencyEncodingSteps": 256,
	"PhaseEncodingStepsOutOfPlane": 170,
	"AcquisitionMatrixPE": 256,
	"ReconMatrixPE": 256,
	"ParallelAcquisitionTechnique": "SENSE",
	"WaterFatShift": 1.80175,
	"EstimatedEffectiveEchoSpacing": 1.61961e-05,
	"EstimatedTotalReadoutTime": 0.00412999,
	"AcquisitionDuration": 546.725,
	"PixelBandwidth": 241,
	"ImageOrientationPatientDICOM": [
		0,
		1,
		0,
		0,
		0,
		-1	],
	"InPlanePhaseEncodingDirectionDICOM": "ROW",
	"BidsGuess": ["anat","_acq-MPGR_run-301_T1w"],
	"ConversionSoftware": "dcm2niix",
	"ConversionSoftwareVersion": "v1.0.20241211"
}
