{
	"Modality": "MR",
	"MagneticFieldStrength": 3,
	"ImagingFrequency": 123.2107,
	"Manufacturer": "Siemens",
	"ManufacturersModelName": "Biograph_mMR",
	"InstitutionName": "Mt Sinai CSM Hess Center",
	"DeviceSerialNumber": "45crOm.NGxso",
	"PatientPosition": "HFS",
	"SoftwareVersions": "syngo MR B18P",
	"MRAcquisitionType": "3D",
	"StudyDescription": "RESEARCH^ADNI2 BRAIN RESEARCH",
	"SeriesDescription": "MPRAGE",
	"ProtocolName": "MPRAGE",
	"ScanningSequence": "GR\\IR",
	"SequenceVariant": "SP\\MP",
	"ScanOptions": "IR",
	"SequenceName": "*tfl3d1_ns",
	"ImageType": ["ORIGINAL", "PRIMARY", "M", "NORM", "DIS3D", "DIS2D", "MAGNITUDE"],
	"NonlinearGradientCorrection": true,
	"SeriesNumber": 4,
	"AcquisitionTime": "09:30:11.610000",
	"AcquisitionNumber": 1,
	"SliceThickness": 1.2,
	"SAR": 0.0613192,
	"TablePosition": [
		0,
		0,
		-0	],
	"EchoTime": 0.00296,
	"RepetitionTime": 2.3,
	"InversionTime": 0.9,
	"FlipAngle": 9,
	"PartialFourier": 1,
	"BaseResolution": 256,
	"ShimSetting": [
		-7735,
		13364,
		15857,
		31,
		-175,
		-276,
		420,
		253	],
	"TxRefAmp": 256.059,
	"PhaseResolution": 1,
	"ReceiveCoilName": "HeadNeck_MRPET",
	"PulseSequenceDetails": "%SiemensSeq%\\tfl",
	"CoilCombinationMethod": "Sum of Squares",
	"ConsistencyInfo": "N4_VB18P_LATEST_20110610",
	"MatrixCoilMode": "SENSE",
	"PercentPhaseFOV": 93.75,
	"PercentSampling": 100,
	"PhaseEncodingSteps": 240,
	"AcquisitionMatrixPE": 240,
	"ReconMatrixPE": 240,
	"PixelBandwidth": 241,
	"DwellTime": 8.1e-06,
	"ImageOrientationPatientDICOM": [
		0,
		1,
		0,
		0,
		0,
		-1	],
	"InPlanePhaseEncodingDirectionDICOM": "ROW",
	"BidsGuess": ["anat","_acq-tfl3_run-4_T1w"],
	"ConversionSoftware": "dcm2niix",
	"ConversionSoftwareVersion": "v1.0.20241211"
}
