{
	"Modality": "MR",
	"MagneticFieldStrength": 3,
	"ImagingFrequency": 123.241011,
	"Manufacturer": "Siemens",
	"ManufacturersModelName": "Skyra",
	"InstitutionName": "Indiana University Medical Center",
	"DeviceSerialNumber": "4wYgg7BWMY_g",
	"BodyPart": "BRAIN",
	"PatientPosition": "HFS",
	"SoftwareVersions": "syngo MR D13",
	"MRAcquisitionType": "3D",
	"StudyDescription": "Investigators^FARLOW_0001",
	"SeriesDescription": "MPRAGE",
	"ProtocolName": "MPRAGE",
	"ScanningSequence": "GR\\IR",
	"SequenceVariant": "SK\\SP\\MP",
	"ScanOptions": "IR",
	"SequenceName": "*tfl3d1_16ns",
	"ImageType": ["ORIGINAL", "PRIMARY", "M", "NORM", "DIS2D", "MAGNITUDE"],
	"NonlinearGradientCorrection": true,
	"SeriesNumber": 2,
	"AcquisitionTime": "16:12:12.590000",
	"AcquisitionNumber": 1,
	"SliceThickness": 1.2,
	"SAR": 0.073946,
	"TablePosition": [
		0,
		0,
		42	],
	"EchoTime": 0.00298,
	"RepetitionTime": 2.3,
	"SpoilingState": true,
	"InversionTime": 0.9,
	"FlipAngle": 9,
	"PartialFourier": 1,
	"BaseResolution": 256,
	"ShimSetting": [
		165,
		7659,
		877,
		-287,
		-458,
		-509,
		351,
		-76	],
	"TxRefAmp": 326.744,
	"PhaseResolution": 1,
	"ReceiveCoilName": "HeadNeck_20",
	"ReceiveCoilActiveElements": "HE1-4",
	"PulseSequenceDetails": "%SiemensSeq%\\tfl",
	"CoilCombinationMethod": "Adaptive Combine",
	"ConsistencyInfo": "N4_VD13A_LATEST_20120616",
	"MatrixCoilMode": "SENSE",
	"PercentPhaseFOV": 93.75,
	"PercentSampling": 100,
	"PhaseEncodingSteps": 240,
	"AcquisitionMatrixPE": 240,
	"ReconMatrixPE": 240,
	"PixelBandwidth": 240,
	"DwellTime": 8.2e-06,
	"ImageOrientationPatientDICOM": [
		0,
		1,
		0,
		0,
		0,
		-1	],
	"InPlanePhaseEncodingDirectionDICOM": "ROW",
	"BidsGuess": ["anat","_acq-tfl3_run-2_T1w"],
	"ConversionSoftware": "dcm2niix",
	"ConversionSoftwareVersion": "v1.0.20241211"
}
