{
	"Modality": "MR",
	"MagneticFieldStrength": 3,
	"ImagingFrequency": 123.252702,
	"Manufacturer": "Siemens",
	"ManufacturersModelName": "Prisma_fit",
	"InstitutionName": "MP300",
	"DeviceSerialNumber": "4uJIIwFzQVLo",
	"BodyPart": "BRAIN",
	"PatientPosition": "HFS",
	"SoftwareVersions": "syngo MR D13D",
	"MRAcquisitionType": "3D",
	"StudyDescription": "Research Brain^Dr. Apostolova",
	"SeriesDescription": "MPRAGE",
	"ProtocolName": "MPRAGE",
	"ScanningSequence": "GR\\IR",
	"SequenceVariant": "SK\\SP\\MP",
	"ScanOptions": "IR",
	"SequenceName": "*tfl3d1_16ns",
	"ImageType": ["ORIGINAL", "PRIMARY", "M", "ND", "MAGNITUDE"],
	"NonlinearGradientCorrection": false,
	"SeriesNumber": 2,
	"AcquisitionTime": "13:41:48.892500",
	"AcquisitionNumber": 1,
	"SliceThickness": 1.2,
	"SAR": 0.063915,
	"TablePosition": [
		0,
		0,
		-0	],
	"EchoTime": 0.00298,
	"RepetitionTime": 2.3,
	"SpoilingState": true,
	"InversionTime": 0.9,
	"FlipAngle": 9,
	"PartialFourier": 1,
	"BaseResolution": 256,
	"ShimSetting": [
		1251,
		2429,
		3709,
		150,
		7,
		-228,
		264,
		-17	],
	"TxRefAmp": 287.611,
	"PhaseResolution": 1,
	"ReceiveCoilName": "HeadNeck_20",
	"ReceiveCoilActiveElements": "HE1-4;NE1,2",
	"PulseSequenceDetails": "%SiemensSeq%\\tfl",
	"CoilCombinationMethod": "Adaptive Combine",
	"ConsistencyInfo": "N4_VD13D_LATEST_20130810",
	"MatrixCoilMode": "SENSE",
	"PercentPhaseFOV": 93.75,
	"PercentSampling": 100,
	"PhaseEncodingSteps": 240,
	"AcquisitionMatrixPE": 240,
	"ReconMatrixPE": 240,
	"PixelBandwidth": 240,
	"DwellTime": 8.2e-06,
	"ImageOrientationPatientDICOM": [
		0,
		1,
		0,
		0,
		0,
		-1	],
	"InPlanePhaseEncodingDirectionDICOM": "ROW",
	"BidsGuess": ["anat","_acq-tfl3_run-2_T1w"],
	"ConversionSoftware": "dcm2niix",
	"ConversionSoftwareVersion": "v1.0.20241211"
}
