{
	"Modality": "MR",
	"MagneticFieldStrength": 3,
	"ImagingFrequency": 127.747521,
	"Manufacturer": "Philips",
	"ManufacturersModelName": "Achieva",
	"InstitutionName": "Kennedy Krieger Institute",
	"DeviceSerialNumber": "4yt.YYGmCOL2",
	"PatientPosition": "HFS",
	"SoftwareVersions": "5.1.7\\5.1.7.2",
	"MRAcquisitionType": "3D",
	"StudyDescription": "MRI BRAIN WO CONTRAST",
	"SeriesDescription": "MPRAGE",
	"ProtocolName": "WIP MPRAGE SENSE",
	"ScanningSequence": "GR",
	"SequenceVariant": "MP",
	"ScanOptions": "OTHER",
	"ImageType": ["ORIGINAL", "PRIMARY", "M", "FFE", "M", "FFE", "MAGNITUDE"],
	"SeriesNumber": 201,
	"AcquisitionTime": "10:16:1.070000",
	"AcquisitionNumber": 2,
	"PhilipsRescaleSlope": 3.18852,
	"PhilipsRescaleIntercept": 0,
	"PhilipsScaleSlope": 0.000355059,
	"UsePhilipsFloatNotDisplayScaling": 1,
	"SliceThickness": 1.2,
	"SpacingBetweenSlices": 1.2,
	"SAR": 0.0214958,
	"TablePosition": [
		0,
		0,
		0.2	],
	"EchoTime": 0.003138,
	"RepetitionTime": 0.0066878,
	"MTState": false,
	"SpoilingState": true,
	"SpoilingType": "COMBINED",
	"FlipAngle": 9,
	"CoilString": "SENSE_HEAD_8",
	"PercentPhaseFOV": 93.75,
	"PercentSampling": 100,
	"EchoTrainLength": 240,
	"PhaseEncodingSteps": 256,
	"FrequencyEncodingSteps": 256,
	"PhaseEncodingStepsOutOfPlane": 170,
	"AcquisitionMatrixPE": 256,
	"ReconMatrixPE": 256,
	"ParallelAcquisitionTechnique": "SENSE",
	"WaterFatShift": 1.8013,
	"EstimatedEffectiveEchoSpacing": 1.61961e-05,
	"EstimatedTotalReadoutTime": 0.00412999,
	"AcquisitionDuration": 546.711,
	"PixelBandwidth": 241,
	"ImageOrientationPatientDICOM": [
		0.123476,
		0.985896,
		-0.112971,
		0.0215812,
		-0.116483,
		-0.992958	],
	"InPlanePhaseEncodingDirectionDICOM": "ROW",
	"BidsGuess": ["anat","_acq-MPGR_run-201_T1w"],
	"ConversionSoftware": "dcm2niix",
	"ConversionSoftwareVersion": "v1.0.20241211"
}
