{
	"Modality": "MR",
	"MagneticFieldStrength": 3,
	"ImagingFrequency": 127.763521,
	"Manufacturer": "Philips",
	"ManufacturersModelName": "Ingenia",
	"InstitutionName": "UNIVERSITY of MICHIGAN Main",
	"DeviceSerialNumber": "4aC3tMfS4sKU",
	"PatientPosition": "HFS",
	"SoftwareVersions": "5.1.7\\5.1.7.2",
	"MRAcquisitionType": "3D",
	"StudyDescription": "RESEARCH MRI BRAIN",
	"SeriesDescription": "MPRAGE",
	"ProtocolName": "MPRAGE SENSE",
	"ScanningSequence": "GR",
	"SequenceVariant": "MP",
	"ScanOptions": "OTHER",
	"ImageType": ["ORIGINAL", "PRIMARY", "M", "FFE", "M", "FFE", "MAGNITUDE"],
	"SeriesNumber": 201,
	"AcquisitionTime": "09:12:57.910000",
	"AcquisitionNumber": 2,
	"PhilipsRWVSlope": 5.65885,
	"PhilipsRWVIntercept": 0,
	"PhilipsRescaleSlope": 5.65885,
	"PhilipsRescaleIntercept": 0,
	"PhilipsScaleSlope": 0.00410728,
	"UsePhilipsFloatNotDisplayScaling": 1,
	"SliceThickness": 1.2,
	"SpacingBetweenSlices": 1.2,
	"SAR": 0.0365429,
	"TablePosition": [
		0,
		0,
		0.5	],
	"EchoTime": 0.003157,
	"RepetitionTime": 0.0067803,
	"MTState": false,
	"SpoilingState": true,
	"SpoilingType": "COMBINED",
	"FlipAngle": 9,
	"CoilString": "MULTI COIL",
	"PercentPhaseFOV": 93.75,
	"PercentSampling": 100,
	"EchoTrainLength": 240,
	"PhaseEncodingSteps": 256,
	"FrequencyEncodingSteps": 256,
	"PhaseEncodingStepsOutOfPlane": 170,
	"AcquisitionMatrixPE": 256,
	"ReconMatrixPE": 256,
	"ParallelAcquisitionTechnique": "SENSE",
	"WaterFatShift": 1.80153,
	"EstimatedEffectiveEchoSpacing": 1.61961e-05,
	"EstimatedTotalReadoutTime": 0.00412999,
	"AcquisitionDuration": 546.722,
	"PixelBandwidth": 241,
	"ImageOrientationPatientDICOM": [
		0,
		1,
		0,
		0,
		0,
		-1	],
	"InPlanePhaseEncodingDirectionDICOM": "ROW",
	"BidsGuess": ["anat","_acq-MPGR_run-201_T1w"],
	"ConversionSoftware": "dcm2niix",
	"ConversionSoftwareVersion": "v1.0.20241211"
}
