{
	"Modality": "MR",
	"MagneticFieldStrength": 3,
	"ImagingFrequency": 127.746446,
	"Manufacturer": "Philips",
	"ManufacturersModelName": "Achieva",
	"InstitutionName": "Kennedy Krieger Institute",
	"DeviceSerialNumber": "4yt.YYGmCOL2",
	"PatientPosition": "HFS",
	"SoftwareVersions": "5.1.7\\5.1.7.2",
	"MRAcquisitionType": "3D",
	"StudyDescription": "MRI BRAIN WO CONTRAST",
	"SeriesDescription": "MPRAGE",
	"ProtocolName": "WIP MPRAGE SENSE",
	"ScanningSequence": "GR",
	"SequenceVariant": "MP",
	"ScanOptions": "OTHER",
	"ImageType": ["ORIGINAL", "PRIMARY", "T1", "NONE", "MAGNITUDE"],
	"SeriesNumber": 201,
	"AcquisitionNumber": 2,
	"PhilipsRescaleSlope": 2.80708,
	"PhilipsRescaleIntercept": 0,
	"PhilipsScaleSlope": 0.00032835,
	"UsePhilipsFloatNotDisplayScaling": 1,
	"SliceThickness": 1.2,
	"SpacingBetweenSlices": 1.2,
	"TablePosition": [
		0,
		0,
		-0.1	],
	"EchoTime": 0.003148,
	"RepetitionTime": 0.0067839,
	"MTState": false,
	"SpoilingState": true,
	"SpoilingType": "COMBINED",
	"FlipAngle": 9,
	"CoilString": "SENSE_HEAD_8",
	"PercentPhaseFOV": 93.75,
	"PercentSampling": 100,
	"EchoTrainLength": 240,
	"PhaseEncodingSteps": 256,
	"FrequencyEncodingSteps": 256,
	"PhaseEncodingStepsOutOfPlane": 170,
	"AcquisitionMatrixPE": 256,
	"ReconMatrixPE": 256,
	"ParallelAcquisitionTechnique": "SENSE",
	"WaterFatShift": 1.80129,
	"EstimatedEffectiveEchoSpacing": 1.6196e-05,
	"EstimatedTotalReadoutTime": 0.00412999,
	"AcquisitionDuration": 546.723,
	"PixelBandwidth": 241.127,
	"ImageOrientationPatientDICOM": [
		0.0416162,
		0.999133,
		-0.00128521,
		0.000259322,
		-0.00129713,
		-0.999999	],
	"InPlanePhaseEncodingDirectionDICOM": "ROW",
	"BidsGuess": ["anat","_acq-MPGR_run-201_T1w"],
	"ConversionSoftware": "dcm2niix",
	"ConversionSoftwareVersion": "v1.0.20241211"
}
