{
	"Modality": "MR",
	"MagneticFieldStrength": 1.5,
	"ImagingFrequency": 63.870491,
	"Manufacturer": "GE",
	"ManufacturersModelName": "SIGNA EXCITE",
	"InstitutionName": "CNI MS SCANNER BOSTON",
	"DeviceSerialNumber": "6OZIsfOKvvVJ5Nu.P0rwShE",
	"PatientPosition": "HFS",
	"ProcedureStepDescription": "SPGR",
	"SoftwareVersions": "12\\LX\\MR Software release:12.0_M4_0520.a",
	"MRAcquisitionType": "3D",
	"StudyDescription": "ADNI STUDY",
	"SeriesDescription": "MP-RAGE",
	"ProtocolName": "ADNI (RESEARCH MODE)/2",
	"ScanningSequence": "RM",
	"SequenceVariant": "NONE",
	"ScanOptions": "EDR_GEMS",
	"PulseSequenceName": "adni",
	"ImageType": ["ORIGINAL", "PRIMARY", "OTHER", "MAGNITUDE"],
	"SeriesNumber": 2,
	"AcquisitionTime": "09:23:26.000000",
	"AcquisitionNumber": 1,
	"SliceThickness": 1.2,
	"SpacingBetweenSlices": 1.2,
	"SAR": 0.0800876,
	"TablePosition": [
		0,
		0,
		0	],
	"EchoTime": 0.003792,
	"RepetitionTime": 0.008588,
	"InversionTime": 1,
	"FlipAngle": 8,
	"ShimSetting": [
		1,
		-6,
		-18	],
	"CoilString": "8HRBRAIN",
	"PercentPhaseFOV": 100,
	"PercentSampling": 100,
	"AcquisitionMatrixPE": 192,
	"ReconMatrixPE": 256,
	"AcquisitionDuration": 461.737,
	"PixelBandwidth": 122.109,
	"ImageOrientationPatientDICOM": [
		-0,
		1,
		0,
		0.0309156,
		-0,
		-0.999522	],
	"InPlanePhaseEncodingDirectionDICOM": "ROW",
	"BidsGuess": ["anat","_acq-EFGRE3D_run-2_T1w"],
	"ConversionSoftware": "dcm2niix",
	"ConversionSoftwareVersion": "v1.0.20241211"
}
